GEM
  remote: https://rubygems.org/
  specs:
    activesupport (6.0.2.1)
      concurrent-ruby (~> 1.0, >= 1.0.2)
      i18n (>= 0.7, < 2)
      minitest (~> 5.1)
      tzinfo (~> 1.1)
      zeitwerk (~> 2.2)
    aubio (0.3.1)
      ffi (~> 1.9)
    concurrent-ruby (1.1.5)
    did_you_mean (1.4.0)
    fast_osc (1.1.0)
    ffi (1.11.3)
    hamster (3.0.0)
      concurrent-ruby (~> 1.0)
    i18n (1.7.0)
      concurrent-ruby (~> 1.0)
    kramdown (2.1.0)
    minitest (5.13.0)
    mocha (1.11.1)
    multi_json (1.14.1)
    rubame (0.0.2)
      websocket (~> 1.0)
    ruby-beautify (0.97.4)
    rugged (0.28.4.1)
    thread_safe (0.3.6)
    tzinfo (1.2.6)
      thread_safe (~> 0.1)
    wavefile (1.1.0)
    websocket (1.2.8)
    zeitwerk (2.2.2)

PLATFORMS
  ruby

DEPENDENCIES
  activesupport
  aubio
  did_you_mean
  fast_osc
  hamster
  kramdown
  mocha
  multi_json
  rubame
  ruby-beautify
  rugged
  wavefile
