PATH
  remote: vendor/ruby-coreaudio-0.0.12-patched
  specs:
    coreaudio (0.0.12)
      narray (~> 0.6.0.0)

GEM
  remote: https://rubygems.org/
  specs:
    activesupport (4.2.11.1)
      i18n (~> 0.7)
      minitest (~> 5.1)
      thread_safe (~> 0.3, >= 0.3.4)
      tzinfo (~> 1.1)
    aubio (0.3.3)
      ffi (~> 1.9)
    benchmark-ips (2.3.0)
    concurrent-ruby (1.1.6)
    fast_osc (1.2.2)
    ffi (1.12.2)
    gettext (3.2.9)
      locale (>= 2.0.5)
      text (>= 1.3.0)
    i18n (0.9.5)
      concurrent-ruby (~> 1.0)
    kramdown (2.1.0)
    locale (2.1.3)
    memoist (0.16.2)
    metaclass (0.0.4)
    minitest (5.8.5)
    mocha (1.1.0)
      metaclass (~> 0.0.1)
    multi_json (1.9.3)
    narray (0.6.0.9)
    polyglot (0.3.5)
    rake (13.0.1)
    rake-compiler (1.1.0)
      rake
    rubame (0.0.2)
      websocket (~> 1.0)
    ruby-beautify (0.92.2)
    ruby-prof (0.15.9)
    rugged (0.28.4.1)
    sys-proctable (1.2.2)
      ffi
    text (1.3.1)
    thread_safe (0.3.6)
    tomlrb (2.0.1)
    treetop (1.6.10)
      polyglot (~> 0.3)
    tzinfo (1.2.6)
      thread_safe (~> 0.1)
    wavefile (0.8.1)
    websocket (1.2.8)
    win32-process (0.8.3)
      ffi (>= 1.0.0)

PLATFORMS
  ruby

DEPENDENCIES
  activesupport (~> 4.2.0)
  aubio (~> 0.3.3)
  benchmark-ips (~> 2.3.0)
  coreaudio (= 0.0.12)!
  fast_osc (~> 1.2.2)
  gettext (~> 3.2.2)
  kramdown (~> 2.1.0)
  memoist (~> 0.16.2)
  minitest (~> 5.8.1)
  mocha (~> 1.1.0)
  multi_json (~> 1.9.2)
  rake
  rake-compiler (~> 1.1.0)
  rubame (~> 0.0.2)
  ruby-beautify (~> 0.92.2)
  ruby-prof (~> 0.15.8)
  rugged (~> 0.28.4.1)
  sys-proctable (~> 1.2.2)
  tomlrb (~> 2.0.0)
  treetop (~> 1.6.10)
  wavefile (~> 0.8.1)
  win32-process

BUNDLED WITH
   2.1.4
