GEM
  remote: https://rubygems.org/
  specs:
    activesupport (4.1.16)
      i18n (~> 0.6, >= 0.6.9)
      json (~> 1.7, >= 1.7.7)
      minitest (~> 5.1)
      thread_safe (~> 0.1)
      tzinfo (~> 1.1)
    ast (2.0.0)
    aubio (0.3.1)
      ffi (~> 1.9)
    benchmark-ips (2.3.0)
    blankslate (3.1.3)
    concurrent-ruby (1.1.5)
    coreaudio (0.0.12)
      narray (~> 0.6.0.0)
    fast_osc (0.0.12)
    ffi (1.11.1)
    gettext (3.2.9)
      locale (>= 2.0.5)
      text (>= 1.3.0)
    hamster (3.0.0)
      concurrent-ruby (~> 1.0)
    i18n (0.6.11)
    interception (0.5)
    json (1.8.6)
    kramdown (2.1.0)
    locale (2.1.2)
    memoist (0.14.0)
    metaclass (0.0.4)
    minitest (5.8.1)
    mocha (1.1.0)
      metaclass (~> 0.0.1)
    multi_json (1.14.1)
    narray (0.6.0.9)
    parser (2.2.2.1)
      ast (>= 1.1, < 3.0)
    parslet (1.8.2)
    polyglot (0.3.5)
    rouge (3.14.0)
    rubame (0.0.2)
      websocket (~> 1.0)
    ruby-beautify (0.97.4)
    ruby-prof (0.15.8)
    rugged (0.28.2)
    sys-proctable (1.2.2)
      ffi
    text (1.3.1)
    thread_safe (0.3.6)
    treetop (1.6.10)
      polyglot (~> 0.3)
    tzinfo (1.2.6)
      thread_safe (~> 0.1)
    wavefile (0.8.1)
    websocket (1.2.8)

PLATFORMS
  ruby

DEPENDENCIES
  activesupport
  ast (= 2.0.0)
  aubio
  benchmark-ips (= 2.3.0)
  blankslate
  coreaudio (= 0.0.12)
  fast_osc (= 0.0.12)
  ffi (= 1.11.1)
  gettext (~> 3.2.0)
  hamster (= 3.0.0)
  i18n (= 0.6.11)
  interception
  kramdown
  locale (= 2.1.2)
  memoist (= 0.14.0)
  metaclass (= 0.0.4)
  minitest (= 5.8.1)
  mocha (= 1.1.0)
  multi_json
  narray (~> 0.6.0.0)
  parser (= 2.2.2.1)
  parslet
  polyglot (= 0.3.5)
  rouge
  rubame
  ruby-beautify
  ruby-prof (= 0.15.8)
  rugged (~> 0.28.2)
  sys-proctable
  text (= 1.3.1)
  thread_safe
  treetop
  wavefile (= 0.8.1)
  websocket (= 1.2.8)

BUNDLED WITH
   2.0.2
