GEM
  remote: https://rubygems.org/
  specs:
    activesupport (4.2.5)
      i18n (~> 0.7)
      json (~> 1.7, >= 1.7.7)
      minitest (~> 5.1)
      thread_safe (~> 0.3, >= 0.3.4)
      tzinfo (~> 1.1)
    alsa-rawmidi (0.3.1)
      ffi (~> 1.0)
    ast (2.0.0)
    atomic (1.1.99)
    benchmark-ips (2.3.0)
    blankslate (3.1.3)
    concurrent-ruby (0.9.2)
    coreaudio (0.0.11)
      narray (~> 0.6.0.0)
    did_you_mean (0.10.0)
      interception
    ffi (1.9.10)
    ffi-coremidi (0.3.8)
      ffi (~> 1.9, >= 1.9.6)
    hamster (2.0.0)
      concurrent-ruby (~> 0.8)
    i18n (0.7.0)
    interception (0.5)
    json (1.8.3)
    kramdown (1.9.0)
    metaclass (0.0.4)
    midi-jruby (0.1.5)
    midi-winmm (0.1.10)
      ffi (>= 1.0)
    midilib (2.0.5)
    minitest (5.8.1)
    mocha (1.1.0)
      metaclass (~> 0.0.1)
    multi_json (1.11.2)
    narray (0.6.0.9)
    parser (2.2.2.1)
      ast (>= 1.1, < 3.0)
    parslet (1.7.1)
      blankslate (>= 2.0, <= 4.0)
    rouge (1.10.1)
    rubame (0.0.2)
      websocket (~> 1.0)
    ruby-beautify (0.97.3)
    ruby-prof (0.15.8)
    rugged (0.23.3)
    thread_safe (0.3.5)
    tzinfo (1.2.2)
      thread_safe (~> 0.1)
    unimidi (0.4.6)
      alsa-rawmidi (~> 0.3, >= 0.3.1)
      ffi-coremidi (~> 0.3, >= 0.3.5)
      midi-jruby (~> 0.1, >= 0.1.4)
      midi-winmm (~> 0.1, >= 0.1.10)
    wavefile (0.6.0)
    websocket (1.2.2)

PLATFORMS
  ruby

DEPENDENCIES
  activesupport
  alsa-rawmidi
  ast (= 2.0.0)
  atomic
  benchmark-ips (= 2.3.0)
  blankslate
  coreaudio (= 0.0.11)
  did_you_mean (= 0.10.0)
  ffi (= 1.9.10)
  ffi-coremidi
  hamster (= 2.0.0)
  i18n
  interception
  kramdown
  metaclass (= 0.0.4)
  midi-winmm
  midilib
  minitest (= 5.8.1)
  mocha (= 1.1.0)
  multi_json
  parser (= 2.2.2.1)
  parslet
  rouge
  rubame
  ruby-beautify
  ruby-prof (= 0.15.8)
  rugged (= 0.23.3)
  thread_safe
  unimidi
  wavefile (= 0.6.0)
  websocket

BUNDLED WITH
   1.10.6
