GIT
  remote: https://github.com/jweather/hamster.git
  revision: f5fc8044296c40c4b6de1a231b9a11778f9c67b4
  specs:
    hamster (1.0.1)
      atomic (~> 1.1)

GIT
  remote: https://github.com/jweather/ruby-beautify.git
  revision: 5df222c9176d0430e7d3aabd271864c56b7e6e00
  specs:
    ruby-beautify (0.92.2)

GIT
  remote: https://github.com/jweather/rugged.git
  revision: 07b477cb1709cb7a53b2ac40c4cdad2e12fc0b44
  specs:
    rugged (0.21.1b2)

GEM
  remote: https://rubygems.org/
  specs:
    activesupport (4.1.7)
      i18n (~> 0.6, >= 0.6.9)
      json (~> 1.7, >= 1.7.7)
      minitest (~> 5.1)
      thread_safe (~> 0.1)
      tzinfo (~> 1.1)
    alsa-rawmidi (0.3.1)
      ffi (~> 1.0)
    atomic (1.1.16)
    blankslate (3.1.3)
    did_you_mean (0.9.0)
      interception
    edn (1.0.6)
    ffi (1.9.6-x86-mingw32)
    ffi-coremidi (0.3.5)
      ffi (~> 1.0)
    i18n (0.6.11)
    interception (0.5)
    json (1.8.1)
    kramdown (1.5.0)
    midi-jruby (0.1.4)
    midi-winmm (0.1.10)
      ffi (>= 1.0)
    midilib (2.0.4)
    minitest (5.4.3)
    multi_json (1.10.1)
    osc-ruby (1.1.1)
    parslet (1.6.2)
      blankslate (>= 2.0, <= 4.0)
    rouge (1.7.2)
    rubame (0.0.2)
      websocket (~> 1.0)
    ruby-prof (0.15.2)
    thread_safe (0.3.4)
    tzinfo (1.2.2)
      thread_safe (~> 0.1)
    unimidi (0.4.5)
      alsa-rawmidi (~> 0)
      ffi-coremidi (~> 0)
      midi-jruby (~> 0)
      midi-winmm (~> 0)
    websocket (1.2.1)

PLATFORMS
  x86-mingw32

DEPENDENCIES
  activesupport
  alsa-rawmidi
  blankslate
  did_you_mean
  edn
  ffi
  ffi-coremidi
  hamster!
  i18n
  interception
  kramdown
  midi-winmm
  midilib
  multi_json
  osc-ruby
  parslet
  rouge
  rubame
  ruby-beautify!
  ruby-prof
  rugged!
  thread_safe
  unimidi
  websocket
